GEM
  remote: https://rubygems.org/
  specs:
    ast (2.4.0)
    chunky_png (1.3.10)
    ffi (1.9.24)
    mittsu (0.2.2)
      chunky_png (~> 1.3)
      ffi (~> 1.9)
      opengl-bindings (~> 1.5)
    opengl-bindings (1.6.6)
    parallel (1.12.1)
    parser (2.5.1.0)
      ast (~> 2.4.0)
    powerpack (0.1.1)
    rainbow (3.0.0)
    rubocop (0.56.0)
      parallel (~> 1.10)
      parser (>= 2.5)
      powerpack (~> 0.1)
      rainbow (>= 2.2.2, < 4.0)
      ruby-progressbar (~> 1.7)
      unicode-display_width (~> 1.0, >= 1.0.1)
    ruby-progressbar (1.9.0)
    unicode-display_width (1.3.3)

PLATFORMS
  ruby

DEPENDENCIES
  mittsu
  rubocop

BUNDLED WITH
   1.16.2
